GEM
  remote: https://rubygems.org/
  specs:
    diff-lcs (1.1.3)
    minitest (4.1.0)
    rake (10.5.0)
    rspec (2.11.0)
      rspec-core (~> 2.11.0)
      rspec-expectations (~> 2.11.0)
      rspec-mocks (~> 2.11.0)
    rspec-core (2.11.1)
    rspec-expectations (2.11.3)
      diff-lcs (~> 1.1.3)
    rspec-mocks (2.11.3)

PLATFORMS
  ruby

DEPENDENCIES
  minitest
  rake (~> 10.5)
  rspec

BUNDLED WITH
   1.16.2
